ObjectType = Image
NDims = 3
BinaryData = True
BinaryDataByteOrderMSB = False
CompressedData = True
CompressedDataSize = 858611
TransformMatrix = 1 -2.04323e-010 1.78759e-011 2.05103e-010 0.996195 -0.0871557 0 0.0871557 0.996195
Offset = -117.778 -69.2556 7.07467
CenterOfRotation = 0 0 0
AnatomicalOrientation = RAI
ElementSpacing = 1.5 1.5 3
DimSize = 128 128 16
ElementType = MET_DOUBLE
ElementDataFile = ProstateX-0005-Ktrans.zraw
